GEM
  remote: https://rubygems.org/
  specs:
    actionmailer (3.2.19)
      actionpack (= 3.2.19)
      mail (~> 2.5.4)
    actionpack (3.2.19)
      activemodel (= 3.2.19)
      activesupport (= 3.2.19)
      builder (~> 3.0.0)
      erubis (~> 2.7.0)
      journey (~> 1.0.4)
      rack (~> 1.4.5)
      rack-cache (~> 1.2)
      rack-test (~> 0.6.1)
      sprockets (~> 2.2.1)
    activeadmin (0.6.3)
      arbre (~> 1.0)
      bourbon (>= 1.0.0, < 4)
      devise (>= 1.5.4, < 4, != 2.2.2, != 2.2.1, != 2.2.0, != 2.1.2, != 2.1.1, != 2.1.0, != 2.0.4, != 2.0.3, != 2.0.2, != 2.0.1, != 2.0.0)
      formtastic (~> 2.0)
      inherited_resources (~> 1.3)
      jquery-rails (>= 1.0.0, < 3)
      kaminari (~> 0.13, != 0.15.0)
      meta_search (~> 1.0)
      rails (>= 3.0.0, < 4)
      sass (~> 3.1)
    activemodel (3.2.19)
      activesupport (= 3.2.19)
      builder (~> 3.0.0)
    activerecord (3.2.19)
      activemodel (= 3.2.19)
      activesupport (= 3.2.19)
      arel (~> 3.0.2)
      tzinfo (~> 0.3.29)
    activeresource (3.2.19)
      activemodel (= 3.2.19)
      activesupport (= 3.2.19)
    activesupport (3.2.19)
      i18n (~> 0.6, >= 0.6.4)
      multi_json (~> 1.0)
    addressable (2.3.5)
    annotate (2.6.5)
      activerecord (>= 2.3.0)
      rake (>= 0.8.7)
    arbre (1.0.1)
      activesupport (>= 3.0.0)
    arel (3.0.3)
    atomic (1.1.16)
    autoprefixer-rails (2.1.1.20140710)
      execjs
    bcrypt (3.1.7)
    bcrypt-ruby (3.1.5)
      bcrypt (>= 3.1.3)
    better_errors (1.1.0)
      coderay (>= 1.0.0)
      erubis (>= 2.6.6)
    binding_of_caller (0.7.2)
      debug_inspector (>= 0.0.1)
    bootstrap-sass (3.1.1.0)
      sass (~> 3.2)
    bourbon (3.1.8)
      sass (>= 3.2.0)
      thor
    brakeman (2.6.2)
      erubis (~> 2.6)
      fastercsv (~> 1.5)
      haml (>= 3.0, < 5.0)
      highline (~> 1.6.20)
      multi_json (~> 1.2)
      ruby2ruby (~> 2.1.1)
      ruby_parser (~> 3.5.0)
      sass (~> 3.0)
      slim (>= 1.3.6, < 3.0)
      terminal-table (~> 1.4)
    builder (3.0.4)
    callsite (0.0.11)
    capybara (2.0.3)
      mime-types (>= 1.16)
      nokogiri (>= 1.3.3)
      rack (>= 1.0.0)
      rack-test (>= 0.5.4)
      selenium-webdriver (~> 2.0)
      xpath (~> 1.0.0)
    carmen (1.0.1)
      unicode_utils (~> 1.4.0)
    carmen-rails (1.0.1)
      carmen (~> 1.0.0)
      rails
    carrierwave (0.10.0)
      activemodel (>= 3.2.0)
      activesupport (>= 3.2.0)
      json (>= 1.7)
      mime-types (>= 1.16)
    cells (3.10.0)
      actionpack (>= 3.0)
      railties (>= 3.0)
      uber (~> 0.0.4)
    celluloid (0.15.2)
      timers (~> 1.1.0)
    celluloid-io (0.15.0)
      celluloid (>= 0.15.0)
      nio4r (>= 0.5.0)
    chartkick (1.3.2)
    childprocess (0.5.1)
      ffi (~> 1.0, >= 1.0.11)
    choice (0.2.0)
    classy_enum (3.4.0)
      activerecord (>= 3.0)
    coderay (1.1.0)
    coffee-rails (3.2.2)
      coffee-script (>= 2.2.0)
      railties (~> 3.2.0)
    coffee-script (2.2.0)
      coffee-script-source
      execjs
    coffee-script-source (1.7.0)
    daemons (1.1.9)
    database_cleaner (0.9.1)
    debug_inspector (0.0.2)
    delocalize (0.3.2)
      rails (>= 3.0, < 4)
    devise (3.1.2)
      bcrypt-ruby (~> 3.0)
      orm_adapter (~> 0.1)
      railties (>= 3.2.6, < 5)
      thread_safe (~> 0.1)
      warden (~> 1.2.3)
    diff-lcs (1.2.5)
    dotenv (0.10.0)
    elasticsearch (7.1.0)
      elasticsearch-api (= 7.1.0)
      elasticsearch-transport (= 7.1.0)
    elasticsearch-api (7.1.0)
      multi_json
    elasticsearch-transport (7.1.0)
      faraday
      multi_json
    erubis (2.7.0)
    eventmachine (1.0.3)
    excon (0.39.4)
    execjs (2.0.2)
    factory_girl (4.4.0)
      activesupport (>= 3.0.0)
    factory_girl_rails (4.4.1)
      factory_girl (~> 4.4.0)
      railties (>= 3.0.0)
    faker (1.4.3)
      i18n (~> 0.5)
    faraday (0.9.0)
      multipart-post (>= 1.2, < 3)
    fastercsv (1.5.5)
    faye-websocket (0.4.7)
      eventmachine (>= 0.12.0)
    ffi (1.9.3)
    figaro (0.7.0)
      bundler (~> 1.0)
      rails (>= 3, < 5)
    fog (1.23.0)
      fog-brightbox
      fog-core (~> 1.23)
      fog-json
      fog-softlayer
      ipaddress (~> 0.5)
      nokogiri (~> 1.5, >= 1.5.11)
    fog-brightbox (0.2.0)
      fog-core (~> 1.22)
      fog-json
      inflecto
    fog-core (1.23.0)
      builder
      excon (~> 0.38)
      formatador (~> 0.2)
      mime-types
      net-scp (~> 1.1)
      net-ssh (>= 2.1.3)
    fog-json (1.0.0)
      multi_json (~> 1.0)
    fog-softlayer (0.3.13)
      fog-core
      fog-json
    font-awesome-rails (4.2.0.0)
      railties (>= 3.2, < 5.0)
    foreman (0.63.0)
      dotenv (>= 0.7)
      thor (>= 0.13.6)
    forgery (0.5.0)
    formatador (0.2.4)
    formtastic (2.2.1)
      actionpack (>= 3.0)
    fuubar (1.3.2)
      rspec (>= 2.14.0, < 3.1.0)
      ruby-progressbar (~> 1.3)
    graphviz (1.1.0)
      process-pipeline
    groupdate (2.3.0)
      activesupport (>= 3)
    guard (2.2.5)
      formatador (>= 0.2.4)
      listen (~> 2.1)
      lumberjack (~> 1.0)
      pry (>= 0.9.12)
      thor (>= 0.18.1)
    guard-rspec (4.0.4)
      guard (>= 2.1.1)
      rspec (~> 2.14)
    haml (4.0.5)
      tilt
    haml-rails (0.4)
      actionpack (>= 3.1, < 4.1)
      activesupport (>= 3.1, < 4.1)
      haml (>= 3.1, < 4.1)
      railties (>= 3.1, < 4.1)
    has_scope (0.6.0.rc)
      actionpack (>= 3.2, < 5)
      activesupport (>= 3.2, < 5)
    hashie (3.2.0)
    highline (1.6.21)
    hightop (0.1.1)
      activerecord
    hike (1.2.3)
    http_parser.rb (0.5.3)
    i18n (0.6.11)
    inflecto (0.0.2)
    inherited_resources (1.4.1)
      has_scope (~> 0.6.0.rc)
      responders (~> 1.0.0.rc)
    ipaddress (0.8.0)
    journey (1.0.4)
    jquery-rails (2.3.0)
      railties (>= 3.0, < 5.0)
      thor (>= 0.14, < 2.0)
    jquery-ui-rails (4.2.0)
      railties (>= 3.2.16)
    json (1.8.1)
    kaminari (0.15.1)
      actionpack (>= 3.0.0)
      activesupport (>= 3.0.0)
    kgio (2.11.2)
    launchy (2.2.0)
      addressable (~> 2.3)
    listen (2.7.1)
      celluloid (>= 0.15.2)
      celluloid-io (>= 0.15.0)
      rb-fsevent (>= 0.9.3)
      rb-inotify (>= 0.9)
    lumberjack (1.0.5)
    mail (2.5.4)
      mime-types (~> 1.16)
      treetop (~> 1.4.8)
    mailcatcher (0.5.12)
      activesupport (~> 3.0)
      eventmachine (~> 1.0.0)
      haml (>= 3.1, < 5)
      mail (~> 2.3)
      sinatra (~> 1.2)
      skinny (~> 0.2.3)
      sqlite3 (~> 1.3)
      thin (~> 1.5.0)
    meta_request (0.3.0)
      callsite
      rack-contrib
      railties
    meta_search (1.1.3)
      actionpack (~> 3.1)
      activerecord (~> 3.1)
      activesupport (~> 3.1)
      polyamorous (~> 0.5.0)
    method_source (0.8.2)
    mime-types (1.25.1)
    mini_magick (3.7.0)
      subexec (~> 0.2.1)
    mini_portile (0.5.2)
    multi_json (1.10.1)
    multipart-post (2.0.0)
    net-scp (1.2.1)
      net-ssh (>= 2.6.5)
    net-ssh (2.9.1)
    newrelic_rpm (3.7.3.204)
    nio4r (1.0.0)
    nokogiri (1.6.1)
      mini_portile (~> 0.5.0)
    orm_adapter (0.5.0)
    pg (0.17.1)
    poltergeist (1.1.2)
      capybara (~> 2.0.1)
      faye-websocket (~> 0.4.4)
      http_parser.rb (~> 0.5.3)
    polyamorous (0.5.0)
      activerecord (~> 3.0)
    polyglot (0.3.5)
    process-group (1.1.0)
    process-pipeline (1.0.1)
      process-group
    pry (0.9.12.6)
      coderay (~> 1.0)
      method_source (~> 0.8)
      slop (~> 3.4)
    pry-rails (0.3.2)
      pry (>= 0.9.10)
    quiet_assets (1.0.2)
      railties (>= 3.1, < 5.0)
    rack (1.4.5)
    rack-cache (1.2)
      rack (>= 0.4)
    rack-contrib (1.1.0)
      rack (>= 0.9.1)
    rack-protection (1.5.2)
      rack
    rack-ssl (1.3.4)
      rack
    rack-test (0.6.2)
      rack (>= 1.0)
    rails (3.2.19)
      actionmailer (= 3.2.19)
      actionpack (= 3.2.19)
      activerecord (= 3.2.19)
      activeresource (= 3.2.19)
      activesupport (= 3.2.19)
      bundler (~> 1.0)
      railties (= 3.2.19)
    rails-erd (1.5.2)
      activerecord (>= 3.2)
      activesupport (>= 3.2)
      choice (~> 0.2.0)
      ruby-graphviz (~> 1.2)
    rails-i18n (3.0.1)
      i18n (~> 0.5)
      rails (>= 3.0.0, < 4.0.0)
    rails_12factor (0.0.2)
      rails_serve_static_assets
      rails_stdout_logging
    rails_serve_static_assets (0.0.2)
    rails_stdout_logging (0.0.3)
    railties (3.2.19)
      actionpack (= 3.2.19)
      activesupport (= 3.2.19)
      rack-ssl (~> 1.3.2)
      rake (>= 0.8.7)
      rdoc (~> 3.4)
      thor (>= 0.14.6, < 2.0)
    raindrops (0.19.0)
    rake (10.3.2)
    rb-fsevent (0.9.4)
    rb-inotify (0.9.3)
      ffi (>= 0.5.0)
    rdoc (3.12.2)
      json (~> 1.4)
    responders (1.0.0)
      railties (>= 3.2, < 5)
    routing_concerns (0.1.0)
      actionpack (>= 3.2.0)
      activemodel (>= 3.2.0)
      railties (>= 3.2.0)
    rspec (2.14.1)
      rspec-core (~> 2.14.0)
      rspec-expectations (~> 2.14.0)
      rspec-mocks (~> 2.14.0)
    rspec-cells (0.1.9)
      cells (~> 3.4)
      railties (>= 3.0, < 4.1)
      rspec-rails (~> 2.2)
    rspec-core (2.14.8)
    rspec-expectations (2.14.5)
      diff-lcs (>= 1.1.3, < 2.0)
    rspec-mocks (2.14.6)
    rspec-rails (2.14.2)
      actionpack (>= 3.0)
      activemodel (>= 3.0)
      activesupport (>= 3.0)
      railties (>= 3.0)
      rspec-core (~> 2.14.0)
      rspec-expectations (~> 2.14.0)
      rspec-mocks (~> 2.14.0)
    ruby-graphviz (1.2.4)
    ruby-progressbar (1.4.2)
    ruby2ruby (2.1.2)
      ruby_parser (~> 3.1)
      sexp_processor (~> 4.0)
    ruby_parser (3.5.0)
      sexp_processor (~> 4.1)
    rubyzip (1.1.2)
    sass (3.2.13)
    sass-rails (3.2.6)
      railties (~> 3.2.0)
      sass (>= 3.1.10)
      tilt (~> 1.3)
    searchkick (1.5.1)
      activemodel
      elasticsearch (>= 1)
      hashie
    selenium-webdriver (2.40.0)
      childprocess (>= 0.5.0)
      multi_json (~> 1.0)
      rubyzip (~> 1.0)
      websocket (~> 1.0.4)
    sentry-raven (0.9.4)
      faraday (>= 0.7.6)
      hashie (>= 1.1.0)
      uuidtools
    sexp_processor (4.4.4)
    sinatra (1.4.4)
      rack (~> 1.4)
      rack-protection (~> 1.4)
      tilt (~> 1.3, >= 1.3.4)
    skinny (0.2.3)
      eventmachine (~> 1.0.0)
      thin (~> 1.5.0)
    slim (2.0.3)
      temple (~> 0.6.6)
      tilt (>= 1.3.3, < 2.1)
    slop (3.5.0)
    spring (1.1.3)
    spring-commands-rspec (1.0.1)
      spring (>= 0.9.1)
    sprockets (2.2.2)
      hike (~> 1.2)
      multi_json (~> 1.0)
      rack (~> 1.0)
      tilt (~> 1.1, != 1.3.0)
    sqlite3 (1.3.9)
    state_machine (1.2.0)
    strong_parameters (0.2.3)
      actionpack (~> 3.0)
      activemodel (~> 3.0)
      activesupport (~> 3.0)
      railties (~> 3.0)
    subexec (0.2.3)
    temple (0.6.8)
    terminal-table (1.4.5)
    thin (1.5.1)
      daemons (>= 1.0.9)
      eventmachine (>= 0.12.6)
      rack (>= 1.0.0)
    thor (0.19.1)
    thread_safe (0.3.1)
      atomic (>= 1.1.7, < 2)
    tilt (1.4.1)
    timecop (0.7.1)
    timeliness (0.3.7)
    timers (1.1.0)
    treetop (1.4.15)
      polyglot
      polyglot (>= 0.3.1)
    tzinfo (0.3.41)
    uber (0.0.4)
    uglifier (2.5.0)
      execjs (>= 0.3.0)
      json (>= 1.8.0)
    unicode_utils (1.4.0)
    unicorn (5.5.1)
      kgio (~> 2.6)
      raindrops (~> 0.7)
    uuidtools (2.1.4)
    validates_timeliness (3.0.14)
      timeliness (~> 0.3.6)
    warden (1.2.3)
      rack (>= 1.0)
    websocket (1.0.7)
    xpath (1.0.0)
      nokogiri (~> 1.3)
    zonebie (0.5.1)

PLATFORMS
  ruby

DEPENDENCIES
  activeadmin
  annotate
  autoprefixer-rails
  better_errors
  binding_of_caller
  bootstrap-sass (~> 3.1.0)
  brakeman
  capybara (~> 2.0.2)
  carmen-rails (~> 1.0.0)
  carrierwave
  cells
  chartkick
  classy_enum
  coffee-rails
  database_cleaner (~> 0.9.1)
  delocalize
  devise (~> 3.1.0)
  factory_girl_rails
  faker (~> 1.4.3)
  figaro
  fog
  font-awesome-rails (~> 4.2.0)
  foreman
  forgery (= 0.5.0)
  fuubar
  graphviz
  groupdate
  guard (~> 2.2.4)
  guard-rspec (~> 4.0.4)
  haml
  haml-rails
  hightop
  inherited_resources
  jquery-rails (~> 2.1)
  jquery-ui-rails
  kaminari
  launchy (~> 2.2.0)
  mailcatcher (~> 0.5.12)
  meta_request
  mini_magick
  newrelic_rpm (~> 3.7.0)
  nokogiri (~> 1.6.1)
  pg
  poltergeist
  pry-rails
  quiet_assets
  rails (= 3.2.19)
  rails-erd
  rails-i18n
  rails_12factor
  rails_serve_static_assets
  rb-fsevent
  routing_concerns
  rspec-cells (~> 0.1.9)
  rspec-rails
  sass (= 3.2.13)
  sass-rails (>= 3.2)
  searchkick
  sentry-raven (~> 0.9.4)
  spring (~> 1.1.3)
  spring-commands-rspec
  state_machine
  strong_parameters
  timecop
  uglifier
  unicorn
  validates_timeliness (~> 3.0)
  zonebie (~> 0.5.1)

RUBY VERSION
   ruby 2.1.2p95

BUNDLED WITH
   1.16.6
